GEM
  remote: https://rubygems.org/
  specs:
    fishwife (1.10.0-java)
      rack (>= 1.6.4, < 2.1)
      rjack-jetty (>= 9.2.11, < 9.5)
      rjack-slf4j (~> 1.7.2)
    mustermann (1.0.0)
    rack (2.0.3)
    rack-protection (2.0.0)
      rack
    rjack-jetty (9.4.6.0-java)
    rjack-logback (1.9.0-java)
      rjack-slf4j (~> 1.7.16)
    rjack-slf4j (1.7.25.0-java)
    sinatra (2.0.0)
      mustermann (~> 1.0)
      rack (~> 2.0)
      rack-protection (= 2.0.0)
      tilt (~> 2.0)
    tilt (2.0.7)

PLATFORMS
  java
  universal-java-1.8

DEPENDENCIES
  fishwife (~> 1.10.0)
  rjack-logback (~> 1.9.0)
  sinatra (~> 2.0.0)

BUNDLED WITH
   1.15.1
